PATH
  remote: .
  specs:
    chopstyle (0.0.1)

GEM
  remote: https://rubygems.org/
  specs:
    akami (1.3.0)
      gyoku (>= 0.4.0)
      nokogiri
    builder (3.2.2)
    gyoku (1.3.1)
      builder (>= 2.1.2)
    httpi (2.4.0)
      rack
    macaddr (1.7.1)
      systemu (~> 2.6.2)
    mini_portile (0.6.2)
    nokogiri (1.6.6.2)
      mini_portile (~> 0.6.0)
    nori (2.5.0)
    rack (1.6.0)
    rake (10.4.2)
    savon (2.10.1)
      akami (~> 1.2)
      builder (>= 2.1.2)
      gyoku (~> 1.2)
      httpi (~> 2.3)
      nokogiri (>= 1.4.0)
      nori (~> 2.4)
      uuid (~> 2.3.7)
      wasabi (~> 3.4)
    systemu (2.6.5)
    uuid (2.3.7)
      macaddr (~> 1.0)
    wasabi (3.5.0)
      httpi (~> 2.0)
      nokogiri (>= 1.4.2)

PLATFORMS
  ruby

DEPENDENCIES
  bundler (~> 1.5)
  chopstyle!
  rake
  savon (~> 2.10.0)
